GEM
  remote: https://rubygems.org/
  specs:
    exiftool (0.7.0)
      json
    json (1.8.3)

PLATFORMS
  ruby

DEPENDENCIES
  exiftool (~> 0.7.0)

BUNDLED WITH
   1.10.6
